GIT
  remote: https://github.com/ktec/opal-pixi.git
  revision: e0192e401e74709ce6471b85870c0e2d52f3f4d6
  branch: rewrite
  specs:
    opal-pixi (0.3.3)
      opal (>= 0.8.0, < 0.9.0)

GEM
  remote: https://rubygems.org/
  specs:
    hike (1.2.3)
    opal (0.8.0)
      hike (~> 1.2)
      sourcemap (~> 0.1.0)
      sprockets (~> 3.1)
      tilt (>= 1.4)
    rack (1.6.4)
    rack-protection (1.5.3)
      rack
    sinatra (1.4.6)
      rack (~> 1.4)
      rack-protection (~> 1.4)
      tilt (>= 1.3, < 3)
    sourcemap (0.1.1)
    sprockets (3.2.0)
      rack (~> 1.0)
    tilt (2.0.1)

PLATFORMS
  ruby

DEPENDENCIES
  opal-pixi!
  sinatra
