GIT
  remote: https://github.com/ktec/opal-pixi.git
  revision: b2e50d4fa47471aab1cdd3714bbbf1126546f5f8
  specs:
    opal-pixi (0.0.1)
      opal (~> 0.6.0)

GEM
  remote: https://rubygems.org/
  specs:
    json (1.8.3)
    opal (0.6.3)
      source_map
      sprockets
    rack (1.6.4)
    rack-protection (1.5.3)
      rack
    sinatra (1.4.6)
      rack (~> 1.4)
      rack-protection (~> 1.4)
      tilt (>= 1.3, < 3)
    source_map (3.0.1)
      json
    sprockets (3.2.0)
      rack (~> 1.0)
    tilt (1.4.1)

PLATFORMS
  ruby

DEPENDENCIES
  opal-pixi!
  sinatra
